GEM
  remote: https://rubygems.org/
  specs:
    builder (3.2.2)
    jwt (0.1.10)
      multi_json (>= 1.5)
    multi_json (1.8.4)
    phone (1.2.3)
    rack (1.5.2)
    rack-protection (1.5.1)
      rack
    redis (3.0.6)
    sinatra (1.4.4)
      rack (~> 1.4)
      rack-protection (~> 1.4)
      tilt (~> 1.3, >= 1.3.4)
    sinatra-jsonp (0.4.3)
      multi_json (~> 1.8)
      sinatra (~> 1.0)
    tilt (1.4.1)
    twilio-ruby (3.11.4)
      builder (>= 2.1.2)
      jwt (>= 0.1.2)
      multi_json (>= 1.3.0)

PLATFORMS
  ruby

DEPENDENCIES
  phone
  redis
  sinatra
  sinatra-jsonp
  twilio-ruby
